GEM
  remote: https://rubygems.org/
  specs:
    rack (2.2.3)

PLATFORMS
  x86_64-linux

DEPENDENCIES
  rack

RUBY VERSION
   ruby 3.1.2p20

BUNDLED WITH
   2.3.13
